PATH
  remote: ../simplemvc
  specs:
    simplemvc (0.1.0)
      erubis
      rack

GEM
  remote: https://rubygems.org/
  specs:
    erubis (2.7.0)
    rack (1.6.4)
    shotgun (0.9.1)
      rack (>= 1.0)

PLATFORMS
  ruby

DEPENDENCIES
  shotgun
  simplemvc!

BUNDLED WITH
   1.10.6
